GEM
  remote: https://rubygems.org/
  specs:
    better_errors (2.1.1)
      coderay (>= 1.0.0)
      erubis (>= 2.6.6)
      rack (>= 0.9.0)
    binding_of_caller (0.7.2)
      debug_inspector (>= 0.0.1)
    coderay (1.1.1)
    debug_inspector (0.0.2)
    erubis (2.7.0)
    method_source (0.8.2)
    mustermann (1.0.3)
    pry (0.10.4)
      coderay (~> 1.1.0)
      method_source (~> 0.8.1)
      slop (~> 3.4)
    rack (2.0.6)
    rack-protection (2.0.5)
      rack
    rake (12.0.0)
    sinatra (2.0.5)
      mustermann (~> 1.0)
      rack (~> 2.0)
      rack-protection (= 2.0.5)
      tilt (~> 2.0)
    slop (3.6.0)
    tilt (2.0.9)
    timezone (1.2.8)

PLATFORMS
  ruby

DEPENDENCIES
  better_errors
  binding_of_caller
  pry
  rack
  rake
  sinatra
  timezone

RUBY VERSION
   ruby 2.3.4p301

BUNDLED WITH
   1.16.1
